GEM
  remote: http://rubygems.org/
  specs:
    activemodel (4.2.5)
      activesupport (= 4.2.5)
      builder (~> 3.1)
    activerecord (4.2.5)
      activemodel (= 4.2.5)
      activesupport (= 4.2.5)
      arel (~> 6.0)
    activesupport (4.2.5)
      i18n (~> 0.7)
      json (~> 1.7, >= 1.7.7)
      minitest (~> 5.1)
      thread_safe (~> 0.3, >= 0.3.4)
      tzinfo (~> 1.1)
    arel (6.0.3)
    builder (3.2.2)
    coderay (1.1.0)
    gcm (0.1.1)
      httparty
      json
    httparty (0.14.0)
      multi_xml (>= 0.5.2)
    i18n (0.7.0)
    json (1.8.3)
    method_source (0.8.2)
    minitest (5.9.0)
    multi_xml (0.5.5)
    pg (0.18.4)
    pry (0.10.0)
      coderay (~> 1.1.0)
      method_source (~> 0.8.1)
      slop (~> 3.4)
    rack (1.6.4)
    rack-protection (1.5.3)
      rack
    rake (11.2.2)
    sinatra (1.4.7)
      rack (~> 1.5)
      rack-protection (~> 1.4)
      tilt (>= 1.3, < 3)
    sinatra-activerecord (2.0.10)
      activerecord (>= 3.2)
      sinatra (~> 1.0)
    slop (3.5.0)
    thread_safe (0.3.5)
    tilt (2.0.5)
    tzinfo (1.2.2)
      thread_safe (~> 0.1)

PLATFORMS
  ruby

DEPENDENCIES
  activerecord
  gcm
  json
  pg
  pry
  rake
  sinatra
  sinatra-activerecord

BUNDLED WITH
   1.11.0
